GEM
  remote: https://rubygems.org/
  specs:
    json (1.8.1)
    mini_portile2 (2.0.0)
    minitest (5.8.4)
    nokogiri (1.6.7.2)
      mini_portile2 (~> 2.0.0.rc2)
    rake (10.5.0)
    rdoc (4.2.2)
      json (~> 1.4)
    xml-simple (1.1.5)
    yard (0.8.7.6)

PLATFORMS
  ruby

DEPENDENCIES
  minitest
  nokogiri
  rake
  rdoc
  xml-simple
  yard

BUNDLED WITH
   1.11.2
