GIT
  remote: http://github.com/nicanor/braille.git
  revision: 2c861ea0160d39aa96dc71d2f9779a4f984e0791
  specs:
    braille (0.1.0)

GIT
  remote: http://github.com/robertjwhitney/programr.git
  revision: 0820c0d663458d65ef1e586b73d5c95854094902
  specs:
    programr (0.0.2)

GIT
  remote: https://github.com/fgosew/huffman
  revision: 6e4cce80705fb5e8ace2c655195fd7d6caaf9ade
  specs:
    huffman (0.0.1)
      activesupport
      priority_queue
      ruby-graphviz

GIT
  remote: https://github.com/fgosew/priority_queue
  revision: 56a3bd7f0c6ae5b69dc45637107fc19dda987f08
  specs:
    priority_queue (0.1.6)

GEM
  remote: https://rubygems.org/
  specs:
    CFPropertyList (3.0.3)
    activesupport (6.1.4)
      concurrent-ruby (~> 1.0, >= 1.0.2)
      i18n (>= 1.6, < 2)
      minitest (>= 5.1)
      tzinfo (~> 2.0)
      zeitwerk (~> 2.3)
    artii (2.1.2)
    bases (1.0.2)
    bcrypt (3.1.16)
    chunky_png (1.4.0)
    cinch (2.3.4)
    concurrent-ruby (1.1.9)
    credy (0.2.1)
      thor (~> 0.19.1)
    deep_merge (1.2.1)
    digest-simple (1.1.0)
    digest-siphash (1.0.1)
      digest-simple
    domain_name (0.5.20190701)
      unf (>= 0.0.5, < 1.0.0)
    duplicate (1.1.1)
    facter (2.5.7)
    faker (2.18.0)
      i18n (>= 1.6, < 2)
    faraday (0.17.4)
      multipart-post (>= 1.2, < 3)
    faraday_middleware (0.14.0)
      faraday (>= 0.7.4, < 1.0)
    fast_gettext (1.1.2)
    ffi (1.15.3)
    ffi-compiler (1.0.1)
      ffi (>= 1.0.0)
      rake
    forgery (0.8.1)
    gettext (3.2.9)
      locale (>= 2.0.5)
      text (>= 1.3.0)
    gettext-setup (0.34)
      fast_gettext (~> 1.1.0)
      gettext (>= 3.0.2, < 3.3.0)
      locale
    gpgmeh (0.1.6)
      activesupport (>= 2.3)
      nio4r (~> 2.2)
    hiera (3.7.0)
    hocon (1.3.1)
    http-accept (1.7.0)
    http-cookie (1.0.5)
      domain_name (~> 0.5)
    i18n (1.8.10)
      concurrent-ruby (~> 1.0)
    json (2.5.1)
    librarian-puppet (3.0.1)
      librarianp (>= 0.6.3)
      puppet_forge (~> 2.1)
      rsync
    librarianp (0.6.4)
      thor (~> 0.15)
    locale (2.1.3)
    mime-types (3.4.1)
      mime-types-data (~> 3.2015)
    mime-types-data (3.2022.0105)
    mini_exiftool (2.10.2)
    mini_exiftool_vendored (9.2.7.v1)
      mini_exiftool (>= 1.6.0)
    mini_portile2 (2.5.3)
    minitar (0.9)
    minitest (5.14.4)
    multi_json (1.15.0)
    multipart-post (2.1.1)
    net-ntp (2.1.3)
    netrc (0.11.0)
    nio4r (2.5.7)
    nokogiri (1.11.7)
      mini_portile2 (~> 2.5.0)
      racc (~> 1.4)
    nori (2.6.0)
    ovirt-engine-sdk (4.4.1)
      json (>= 1, < 3)
    packetfu (1.1.13)
      pcaprub
    pcaprub (0.13.0)
    pg (1.2.3)
    process_helper (0.1.2)
    puppet (7.8.0)
      concurrent-ruby (~> 1.0)
      deep_merge (~> 1.0)
      facter (> 2.0.1, < 5)
      fast_gettext (~> 1.1)
      hiera (>= 3.2.1, < 4)
      locale (~> 2.1)
      multi_json (~> 1.10)
      puppet-resource_api (~> 1.5)
      scanf (~> 1.0)
      semantic_puppet (~> 1.0)
    puppet-resource_api (1.8.14)
      hocon (>= 1.0)
    puppet_forge (2.3.4)
      faraday (>= 0.9.0, < 0.18.0, != 0.13.1)
      faraday_middleware (>= 0.9.0, < 0.15.0)
      gettext-setup (~> 0.11)
      minitar
      semantic_puppet (~> 1.0)
    racc (1.5.2)
    rake (13.0.6)
    redcarpet (3.5.1)
    rest-client (2.1.0)
      http-accept (>= 1.7.0, < 2.0)
      http-cookie (>= 1.0.2, < 2.0)
      mime-types (>= 1.16, < 4.0)
      netrc (~> 0.8)
    retryable (1.3.6)
    rexml (3.2.5)
    rmagick (4.2.2)
    rqrcode (2.0.0)
      chunky_png (~> 1.0)
      rqrcode_core (~> 1.0)
    rqrcode_core (1.1.0)
    rsa (0.1.4)
    rsync (1.0.9)
    ruby-graphviz (1.2.5)
      rexml
    rubyzip (2.3.2)
    scanf (1.0.0)
    scrypt (3.0.7)
      ffi-compiler (>= 1.0, < 2.0)
    semantic_puppet (1.0.4)
    sha3 (1.0.5)
    smbhash (1.0.2)
    spidr (0.6.1)
      nokogiri (~> 1.3)
    sshkey (2.0.0)
    text (1.3.1)
    thor (0.19.4)
    tzinfo (2.0.4)
      concurrent-ruby (~> 1.0)
    unf (0.1.4)
      unf_ext
    unf_ext (0.0.8.2)
    vagrant (1.5.0)
    wordlist (0.1.1)
      spidr (~> 0.2)
    yard (0.9.26)
    zeitwerk (2.4.2)
    zip-zip (0.3)
      rubyzip (>= 1.0.0)
    zipruby (0.3.6)

PLATFORMS
  ruby

DEPENDENCIES
  CFPropertyList
  artii
  bases
  bcrypt
  braille!
  cinch
  credy
  digest-siphash
  duplicate
  faker
  forgery
  gpgmeh
  huffman!
  librarian-puppet
  mini_exiftool_vendored
  minitest
  net-ntp
  nokogiri
  nori
  ovirt-engine-sdk
  packetfu
  pg
  priority_queue!
  process_helper
  programr!
  puppet
  rake
  redcarpet
  rest-client
  retryable
  rmagick
  rqrcode
  rsa
  ruby-graphviz
  scrypt
  sha3
  smbhash
  sshkey
  vagrant
  wordlist
  yard
  zip-zip
  zipruby

BUNDLED WITH
   2.2.22
